NUGET
  remote: https://www.nuget.org/api/v2
  specs:
    FSharp.Control.AsyncSeq (2.0.1) - framework: >= net45
